GEM
  remote: https://rubygems.org/
  specs:
    parallel (1.3.3)
    trollop (2.0)

PLATFORMS
  ruby

DEPENDENCIES
  parallel
  trollop
